GEM
  remote: https://rubygems.org/
  specs:
    awesome_print (1.7.0)
    kiba (1.0.0)

PLATFORMS
  ruby

DEPENDENCIES
  awesome_print
  kiba (~> 1.0.0)

BUNDLED WITH
   1.13.6
